GEM
  remote: http://rubygems.org/
  specs:
    activemodel (5.2.8.1)
      activesupport (= 5.2.8.1)
    activerecord (5.2.8.1)
      activemodel (= 5.2.8.1)
      activesupport (= 5.2.8.1)
      arel (>= 9.0)
    activesupport (5.2.8.1)
      concurrent-ruby (~> 1.0, >= 1.0.2)
      i18n (>= 0.7, < 2)
      minitest (~> 5.1)
      tzinfo (~> 1.1)
    arel (9.0.0)
    bootstrap-sass (2.0.4.0)
    bouncy-castle-java (1.5.0146.1)
    builder (3.2.4)
    chunky_png (1.2.5)
    compass (0.12.2)
      chunky_png (~> 1.2)
      fssm (>= 0.2.7)
      sass (~> 3.1)
    concurrent-ruby (1.1.10)
    cucumber (1.2.1)
      builder (>= 2.1.2)
      diff-lcs (>= 1.1.3)
      gherkin (~> 2.11.0)
      json (>= 1.4.6)
    diff-lcs (1.1.3)
    fssm (0.2.9)
    gherkin (2.11.0)
      json (>= 1.4.6)
    gherkin (2.11.0-java)
      json (>= 1.4.6)
    i18n (1.11.0)
      concurrent-ruby (~> 1.0)
    jruby-openssl (0.7.7)
      bouncy-castle-java (>= 1.5.0146.1)
    json (1.7.3)
    json (1.7.3-java)
    linecache (1.3.1)
    mime-types (1.19)
    minitest (5.16.2)
    rake (0.9.2.2)
    rest-client (1.6.7)
      mime-types (>= 1.16)
    rspec-expectations (2.10.0)
      diff-lcs (~> 1.1.3)
    ruby-debug-base (0.10.4)
      linecache (>= 0.3)
    ruby-debug-base (0.10.4-java)
    ruby-debug-ide (0.4.17.beta9)
      rake (>= 0.8.1)
    sass (3.1.20)
    term-ansicolor (1.0.7)
    thread_safe (0.3.6)
    thread_safe (0.3.6-java)
    tzinfo (1.2.9)
      thread_safe (~> 0.1)

PLATFORMS
  java
  ruby

DEPENDENCIES
  activerecord
  bootstrap-sass (~> 2.0.4.0)
  compass
  cucumber
  jruby-openssl
  rest-client
  rspec-expectations
  ruby-debug-base
  ruby-debug-ide (~> 0.4.17.beta9)
  term-ansicolor
