GEM
  remote: http://rubygems.org/
  specs:
    activemodel (3.2.6)
      activesupport (= 3.2.6)
      builder (~> 3.0.0)
    activerecord (3.2.6)
      activemodel (= 3.2.6)
      activesupport (= 3.2.6)
      arel (~> 3.0.2)
      tzinfo (~> 0.3.29)
    activesupport (3.2.6)
      i18n (~> 0.6)
      multi_json (~> 1.0)
    arel (3.0.2)
    bouncy-castle-java (1.5.0146.1)
    builder (3.0.0)
    cucumber (1.2.1)
      builder (>= 2.1.2)
      diff-lcs (>= 1.1.3)
      gherkin (~> 2.11.0)
      json (>= 1.4.6)
    diff-lcs (1.1.3)
    gherkin (2.11.0-java)
      json (>= 1.4.6)
    i18n (0.6.0)
    jruby-openssl (0.7.7)
      bouncy-castle-java (>= 1.5.0146.1)
    json (1.7.3-java)
    mime-types (1.19)
    multi_json (1.3.6)
    rake (0.9.2.2)
    rest-client (1.6.7)
      mime-types (>= 1.16)
    rspec-expectations (2.10.0)
      diff-lcs (~> 1.1.3)
    ruby-debug-base (0.10.4-java)
    ruby-debug-ide (0.4.16)
      rake (>= 0.8.1)
    tzinfo (0.3.33)

PLATFORMS
  java

DEPENDENCIES
  activerecord
  cucumber
  jruby-openssl
  rest-client
  rspec-expectations
  ruby-debug-base
  ruby-debug-ide
