GEM
  remote: http://rubygems.org/
  specs:
    builder (2.1.2)
    cucumber (0.10.2)
      builder (>= 2.1.2)
      diff-lcs (>= 1.1.2)
      gherkin (>= 2.3.5)
      json (>= 1.4.6)
      term-ansicolor (>= 1.0.5)
    diff-lcs (1.1.2)
    gherkin (2.3.7)
      json (>= 1.4.6)
    gherkin (2.3.7-java)
      json (>= 1.4.6)
    gherkin (2.3.7-x86-mingw32)
      json (>= 1.4.6)
    json (1.5.1)
    json (1.5.1-java)
    linecache (0.43)
    mime-types (1.16)
    rake (0.8.7)
    rest-client (1.6.1)
      mime-types (>= 1.16)
    ruby-debug-base (0.10.4)
      linecache (>= 0.3)
    ruby-debug-base (0.10.4-java)
    ruby-debug-ide (0.4.16)
      rake (>= 0.8.1)
    term-ansicolor (1.0.5)

PLATFORMS
  java
  ruby
  x86-mingw32

DEPENDENCIES
  cucumber
  rest-client
  ruby-debug-base
  ruby-debug-ide
