GEM
  remote: http://rubygems.org/
  specs:
    atoulme-Antwrap (0.7.1)
      rjb (>= 1.0.3)
    atoulme-Antwrap (0.7.1-java)
    bouncy-castle-java (1.5.0146.1)
    builder (2.1.2)
    buildr (1.4.5)
      atoulme-Antwrap (= 0.7.1)
      builder (= 2.1.2)
      diff-lcs (= 1.1.2)
      highline (= 1.5.1)
      hoe (= 2.3.3)
      json_pure (= 1.4.3)
      minitar (= 0.5.3)
      net-sftp (= 2.0.4)
      net-ssh (= 2.0.23)
      rake (= 0.8.7)
      rjb (= 1.3.3)
      rspec (= 2.1.0)
      rspec-core (= 2.1.0)
      rspec-expectations (= 2.1.0)
      rspec-mocks (= 2.1.0)
      rubyforge (= 2.0.3)
      rubyzip (= 0.9.4)
      xml-simple (= 1.0.12)
    buildr (1.4.5-java)
      atoulme-Antwrap (= 0.7.1)
      builder (= 2.1.2)
      diff-lcs (= 1.1.2)
      highline (= 1.5.1)
      hoe (= 2.3.3)
      jruby-openssl (>= 0.7)
      json_pure (= 1.4.3)
      minitar (= 0.5.3)
      net-sftp (= 2.0.4)
      net-ssh (= 2.0.23)
      rake (= 0.8.7)
      rspec (= 2.1.0)
      rspec-core (= 2.1.0)
      rspec-expectations (= 2.1.0)
      rspec-mocks (= 2.1.0)
      rubyforge (= 2.0.3)
      rubyzip (= 0.9.4)
      xml-simple (= 1.0.12)
    cucumber (0.10.2)
      builder (>= 2.1.2)
      diff-lcs (>= 1.1.2)
      gherkin (>= 2.3.5)
      json (>= 1.4.6)
      term-ansicolor (>= 1.0.5)
    diff-lcs (1.1.2)
    gherkin (2.3.7)
      json (>= 1.4.6)
    gherkin (2.3.7-java)
      json (>= 1.4.6)
    gherkin (2.3.7-x86-mingw32)
      json (>= 1.4.6)
    highline (1.5.1)
    hoe (2.3.3)
      rake (>= 0.8.7)
      rubyforge (>= 1.0.4)
    jruby-openssl (0.7.7)
      bouncy-castle-java (>= 1.5.0146.1)
    json (1.5.1)
    json (1.5.1-java)
    json_pure (1.4.3)
    linecache (0.43)
    mime-types (1.16)
    minitar (0.5.3)
    net-sftp (2.0.4)
      net-ssh (>= 2.0.9)
    net-ssh (2.0.23)
    rake (0.8.7)
    rest-client (1.6.1)
      mime-types (>= 1.16)
    rjb (1.3.3)
    rspec (2.1.0)
      rspec-core (~> 2.1.0)
      rspec-expectations (~> 2.1.0)
      rspec-mocks (~> 2.1.0)
    rspec-core (2.1.0)
    rspec-expectations (2.1.0)
      diff-lcs (~> 1.1.2)
    rspec-mocks (2.1.0)
    ruby-debug-base (0.10.4)
      linecache (>= 0.3)
    ruby-debug-base (0.10.4-java)
    ruby-debug-ide (0.4.16)
      rake (>= 0.8.1)
    rubyforge (2.0.3)
      json_pure (>= 1.1.7)
    rubyzip (0.9.4)
    term-ansicolor (1.0.5)
    xml-simple (1.0.12)

PLATFORMS
  java
  ruby
  x86-mingw32

DEPENDENCIES
  buildr
  cucumber
  rest-client
  ruby-debug-base
  ruby-debug-ide
