GEM
  remote: http://rubygems.org/
  specs:
    activemodel (3.0.15)
      activesupport (= 3.0.15)
      builder (~> 2.1.2)
      i18n (~> 0.5.0)
    activerecord (3.0.15)
      activemodel (= 3.0.15)
      activesupport (= 3.0.15)
      arel (~> 2.0.10)
      tzinfo (~> 0.3.23)
    activesupport (3.0.15)
    arel (2.0.10)
    builder (2.1.2)
    cucumber (0.10.2)
      builder (>= 2.1.2)
      diff-lcs (>= 1.1.2)
      gherkin (>= 2.3.5)
      json (>= 1.4.6)
      term-ansicolor (>= 1.0.5)
    diff-lcs (1.1.2)
    gherkin (2.3.7)
      json (>= 1.4.6)
    gherkin (2.3.7-java)
      json (>= 1.4.6)
    i18n (0.5.0)
    json (1.5.1)
    json (1.5.1-java)
    linecache (0.43)
    mime-types (1.16)
    rake (0.8.7)
    rest-client (1.6.1)
      mime-types (>= 1.16)
    rspec-expectations (2.1.0)
      diff-lcs (~> 1.1.2)
    ruby-debug-base (0.10.4)
      linecache (>= 0.3)
    ruby-debug-base (0.10.4-java)
    ruby-debug-ide (0.4.16)
      rake (>= 0.8.1)
    term-ansicolor (1.0.5)
    tzinfo (0.3.33)

PLATFORMS
  java
  ruby
  x86-mingw32

DEPENDENCIES
  activerecord
  cucumber
  rest-client
  rspec-expectations
  ruby-debug-base
  ruby-debug-ide
